GEM
  remote: http://rubygems.org/
  specs:
    aws-s3 (0.6.2)
      builder
      mime-types
      xml-simple
    builder (3.0.0)
    chunky_png (1.2.5)
    compass (0.12.1)
      chunky_png (~> 1.2)
      fssm (>= 0.2.7)
      sass (~> 3.1)
    fssm (0.2.8.1)
    git (1.2.5)
    haml (3.1.4)
    jeweler (1.6.4)
      bundler (~> 1.0)
      git (>= 1.2.5)
      rake
    mime-types (1.16)
    rack (1.2.1)
    rake (0.9.2)
    rspec (1.3.1)
    sass (3.1.7)
    thor (0.14.6)
    tilt (1.3.3)
    xml-simple (1.0.14)

PLATFORMS
  ruby

DEPENDENCIES
  aws-s3
  bundler (~> 1.0)
  compass (~> 0.12.1)
  haml (~> 3.1)
  jeweler (~> 1.6)
  rack (>= 1.0)
  rspec (~> 1.3.1)
  sass (~> 3.1)
  thor (>= 0.14.6)
  tilt (>= 1.3)
