GEM
  remote: http://rubygems.org/
  specs:
    compass (0.10.6)
      haml (>= 3.0.4)
    git (1.2.5)
    haml (3.0.25)
    jeweler (1.5.2)
      bundler (~> 1.0.0)
      git (>= 1.2.5)
      rake
    rack (1.2.1)
    rake (0.8.7)
    rspec (1.3.1)
    thor (0.14.6)

PLATFORMS
  ruby

DEPENDENCIES
  bundler (>= 1.0.10)
  compass
  haml (>= 2.0.0)
  jeweler (>= 1.5.2)
  rack (>= 1.0)
  rspec (~> 1.3.1)
  thor (>= 0.14.6)
